GEM
  remote: https://rubygems.org/
  specs:
    haml (4.0.6)
      tilt
    rake (13.2.1)
    tilt (1.4.1)

PLATFORMS
  ruby

DEPENDENCIES
  haml
  rake
  tilt

BUNDLED WITH
   1.16.5
